PATH
  remote: .
  specs:
    dokuen (0.0.13)
      foreman (>= 0.63.0)
      mason (~> 0.1.0)
      thor

GEM
  remote: http://rubygems.org/
  specs:
    diff-lcs (1.2.4)
    dotenv (0.7.0)
    foreman (0.63.0)
      dotenv (>= 0.7)
      thor (>= 0.13.6)
    mason (0.1.0)
      thor
    rake (0.9.2.2)
    rspec (2.13.0)
      rspec-core (~> 2.13.0)
      rspec-expectations (~> 2.13.0)
      rspec-mocks (~> 2.13.0)
    rspec-core (2.13.1)
    rspec-expectations (2.13.0)
      diff-lcs (>= 1.1.3, < 2.0)
    rspec-mocks (2.13.1)
    thor (0.18.1)

PLATFORMS
  ruby

DEPENDENCIES
  dokuen!
  rake
  rspec
